PATH
  remote: /Users/aarongough/work/potion
  specs:
    potion (0.0.2)
      RedCloth
      asciidoctor (>= 0.1.0)
      bluecloth
      builder
      bundler (>= 1.0.0)
      coffee-script
      commander (>= 4.1.3)
      contest
      creole
      directory_watcher
      erubis
      haml (>= 2.2.11)
      kramdown
      less
      liquid
      markaby
      maruku
      mini_magick
      nokogiri
      radius
      rdiscount
      rdoc
      rdoc
      redcarpet
      sass
      tilt (>= 1.3.4)
      wikicloth
      yajl-ruby

GEM
  specs:
    RedCloth (4.2.9)
    asciidoctor (0.1.2)
    bluecloth (2.2.0)
    builder (3.2.0)
    coffee-script (2.2.0)
      coffee-script-source
      execjs
    coffee-script-source (1.6.2)
    commander (4.1.3)
      highline (~> 1.6.11)
    commonjs (0.2.6)
    contest (0.1.3)
    creole (0.5.0)
    directory_watcher (1.5.1)
    erubis (2.7.0)
    execjs (1.4.0)
      multi_json (~> 1.0)
    expression_parser (0.9.0)
    haml (4.0.2)
      tilt
    highline (1.6.18)
    json (1.7.7)
    kramdown (1.0.2)
    less (2.3.2)
      commonjs (~> 0.2.6)
    liquid (2.5.0)
    markaby (0.7.2)
      builder (>= 2.0.0)
    maruku (0.6.1)
      syntax (>= 1.0.0)
    mini_magick (3.5.0)
      subexec (~> 0.2.1)
    multi_json (1.7.3)
    nokogiri (1.5.9)
    radius (0.7.3)
    rdiscount (2.0.7.3)
    rdoc (4.0.1)
      json (~> 1.4)
    redcarpet (2.2.2)
    sass (3.2.9)
    subexec (0.2.3)
    syntax (1.0.0)
    tilt (1.4.1)
    wikicloth (0.8.0)
      builder
      expression_parser
    yajl-ruby (1.1.0)

PLATFORMS
  ruby

DEPENDENCIES
  potion!
